GEM
  remote: http://rubygems.org/
  specs:
    activemodel (3.2.8)
      activesupport (= 3.2.8)
      builder (~> 3.0.0)
    activesupport (3.2.8)
      i18n (~> 0.6)
      multi_json (~> 1.0)
    archive-tar-minitar (0.5.2)
    blankslate (2.1.2.4)
    bouncy-castle-java (1.5.0146.1)
    builder (3.0.4)
    capistrano (2.13.4)
      highline
      net-scp (>= 1.0.0)
      net-sftp (>= 2.0.0)
      net-ssh (>= 2.0.14)
      net-ssh-gateway (>= 1.1.0)
    capistrano-ext (1.2.1)
      capistrano (>= 1.0.0)
    capistrano_colors (0.5.5)
    clj (0.0.5.6)
    diff-lcs (1.1.3)
    erubis (2.7.0)
    ffi (0.6.3)
      rake (>= 0.8.7)
    ffi (0.6.3-java)
    haml (3.1.7)
    highline (1.6.15)
    http_router (0.10.2)
      rack (>= 1.0.0)
      url_mount (~> 0.2.1)
    i18n (0.6.1)
    jruby-openssl (0.7.7)
      bouncy-castle-java (>= 1.5.0146.1)
    jruby-rack (1.0.10)
    json (1.5.0)
    json (1.5.0-java)
    json-jruby (1.5.0-java)
      json (= 1.5.0)
    mail (2.3.3)
      i18n (>= 0.4.0)
      mime-types (~> 1.16)
      treetop (~> 1.4.8)
    mario (0.0.6)
    metaclass (0.0.1)
    mime-types (1.19)
    mocha (0.12.7)
      metaclass (~> 0.0.1)
    multi_json (1.3.6)
    net-scp (1.0.4)
      net-ssh (>= 1.99.1)
    net-sftp (2.0.5)
      net-ssh (>= 2.0.9)
    net-ssh (2.6.1)
    net-ssh-gateway (1.1.0)
      net-ssh (>= 1.99.1)
    nokogiri (1.5.5)
    nokogiri (1.5.5-java)
    padrino (0.10.7)
      padrino-admin (= 0.10.7)
      padrino-cache (= 0.10.7)
      padrino-core (= 0.10.7)
      padrino-gen (= 0.10.7)
      padrino-helpers (= 0.10.7)
      padrino-mailer (= 0.10.7)
    padrino-admin (0.10.7)
      padrino-core (= 0.10.7)
      padrino-helpers (= 0.10.7)
    padrino-cache (0.10.7)
      padrino-core (= 0.10.7)
    padrino-core (0.10.7)
      activesupport (~> 3.2.0)
      http_router (~> 0.10.2)
      sinatra (~> 1.3.1)
      thor (~> 0.15.2)
      tilt (~> 1.3.0)
    padrino-gen (0.10.7)
      bundler (~> 1.0)
      padrino-core (= 0.10.7)
    padrino-helpers (0.10.7)
      i18n (~> 0.6)
      padrino-core (= 0.10.7)
    padrino-mailer (0.10.7)
      mail (~> 2.3.0)
      padrino-core (= 0.10.7)
    polyglot (0.3.3)
    rabl (0.7.3)
      activesupport (>= 2.3.14)
      multi_json (~> 1.0)
    rack (1.4.1)
    rack-protection (1.2.0)
      rack
    rack-test (0.6.2)
      rack (>= 1.0)
    rake (0.9.2.2)
    rbvmomi (1.6.0)
      builder
      nokogiri (>= 1.4.1)
      trollop
    rspec (2.11.0)
      rspec-core (~> 2.11.0)
      rspec-expectations (~> 2.11.0)
      rspec-mocks (~> 2.11.0)
    rspec-core (2.11.1)
    rspec-expectations (2.11.3)
      diff-lcs (~> 1.1.3)
    rspec-mocks (2.11.3)
    sinatra (1.3.3)
      rack (~> 1.3, >= 1.3.6)
      rack-protection (~> 1.2)
      tilt (~> 1.3, >= 1.3.3)
    thor (0.15.4)
    tilt (1.3.3)
    torquebox (2.0.3)
      thor (>= 0.9.0, < 1.0.0)
      torquebox-cache (= 2.0.3)
      torquebox-configure (= 2.0.3)
      torquebox-core (= 2.0.3)
      torquebox-messaging (= 2.0.3)
      torquebox-naming (= 2.0.3)
      torquebox-rake-support (= 2.0.3)
      torquebox-security (= 2.0.3)
      torquebox-stomp (= 2.0.3)
      torquebox-transactions (= 2.0.3)
      torquebox-web (= 2.0.3)
    torquebox-cache (2.0.3-java)
      torquebox-core (= 2.0.3)
      torquebox-transactions (= 2.0.3)
    torquebox-configure (2.0.3-java)
      blankslate (= 2.1.2.4)
    torquebox-core (2.0.3-java)
    torquebox-messaging (2.0.3-java)
      clj (= 0.0.5.6)
      torquebox-core (= 2.0.3)
      torquebox-transactions (= 2.0.3)
    torquebox-naming (2.0.3-java)
    torquebox-rake-support (2.0.3)
      rake (>= 0.8.7, < 1.0.0)
    torquebox-security (2.0.3-java)
      torquebox-core (= 2.0.3)
    torquebox-stomp (2.0.3)
      torquebox-core (= 2.0.3)
      torquebox-messaging (= 2.0.3)
    torquebox-transactions (2.0.3)
      torquebox-core (= 2.0.3)
    torquebox-web (2.0.3-java)
    treetop (1.4.11)
      polyglot
      polyglot (>= 0.3.1)
    trollop (2.0)
    url_mount (0.2.1)
      rack
    vagrant (0.5.4)
      archive-tar-minitar (= 0.5.2)
      erubis (>= 2.6.6)
      json (>= 1.4.3)
      mario (~> 0.0.6)
      net-scp (>= 1.0.2)
      net-ssh (>= 2.0.19)
      virtualbox (~> 0.7.3)
    virtualbox (0.7.9)
      ffi (~> 0.6.3)
    yajl-ruby (1.1.0)

PLATFORMS
  java
  ruby

DEPENDENCIES
  activemodel
  activesupport
  capistrano
  capistrano-ext
  capistrano_colors
  haml
  jruby-openssl
  jruby-rack (= 1.0.10)
  json-jruby
  mocha
  padrino (= 0.10.7)
  rabl
  rack-test
  rake
  rbvmomi
  rspec
  torquebox (= 2.0.3)
  torquebox-rake-support (= 2.0.3)
  vagrant
  yajl-ruby
